##TITLE= Parameter file, TopSpin 3.5 pl 6
##JCAMPDX= 5.0
##DATATYPE= Parameter Values
##NPOINTS= 25597	$$ modification sequence number
##ORIGIN= Bruker BioSpin GmbH
##OWNER= nmrsu
$$ 2017-06-05 16:36:02.993 -0700  nmr@SFU600
$$ C:/Bruker/TopSpin3.5pl6/conf/instr/spect/specpar
$$ process C:\Bruker\TopSpin3.5pl6\prog\mod\hconfserver.exe
##$ANCIEN= (0..7)
0 0 0 0 0 0 0 0
##$BF1= 100.13
##$BF2= 100.13
##$BF3= 100.13
##$DEC= 1
##$DECB= 1
##$DEF19F= yes
##$DEFRSEL= yes
##$HPMOD= (0..7)
0 0 0 0 0 0 0 0
##$HPPRECH= (0..15)
-1 -1 -1 -1 -1 -1 -1 -1 -1 -1 -1 -1 -1 -1 -1 -1
##$HPSELECT= no
##$LOCSW19F= -1
##$LOCSW2H= -1
##$NUC1= 10
##$NUC2= 1
##$NUC3= 2
##$NUC4= 10
##$NUC5= 0
##$NUC6= 0
##$NUC7= 0
##$NUC8= 0
##$NUCARR= (0..123)
600.509 600.509 92.181787759 640.526763627 457.461606988 88.371420878 233.380598727
84.382401728 64.516633219 192.667151427 150.998108152 43.394683954 60.849048522
81.407744366 565.043004516 47.405957967 158.846040171 36.760969123 156.473783412
119.304245982 243.090498977 46.09507084 58.837325357 48.975862641 28.021989838
15.380867042 40.414429848 145.874126993 33.853899048 33.862924699 59.872602873
157.951570006 33.943747205 148.86148512 19.44314829 142.483214806 53.661790499
159.227801757 170.566732797 37.572665127 144.130290891 183.135452223 20.947645524
102.822838105 114.526152001 31.332890205 150.451404758 162.176571177 23.105184284
57.97880166 196.48927111 26.024991154 29.426130008 55.825106157 146.981603705
39.134727154 39.956037308 135.16452338 27.654346218 30.994485368 19.134901016
27.479892349 24.307517399 27.944884483 127.400866793 133.272013261 131.305826693
131.587309282 196.479032433 213.974922198 223.933601317 143.705268637 77.821264415
157.151655987 189.459202324 120.146754104 167.002669847 49.505487558 78.763613163
59.657308386 66.734132804 79.232958987 84.825745513 183.8758558 32.7277405
20.1771024 25.0412253 20.6575096 149.2865374 65.9358882 18.4356263 24.2005127
144.3623636 20.6575096 28.9445338 128.1486206 17.2946592 49.7821961 105.084907468
28.95053889 68.48204636 48.82738679 24.06239563 15.11481153 71.998627064
25.01952891 135.262250214 136.625405644 13.705603065 46.631925886 10.31674462
11.23552339 129.09012263 10.38280061 107.556098084 39.703150957 343.029957088
346.396638736 125.630079849 96.497520676 11.057772726 21.7984767 100 100
##$NUCOFFS= (0..127)
<2H> <19F> <15N> <13C> <1H> <> <> <> <> <> <> <> <> <> <> <> <> <> <> <>
<> <> <> <> <> <> <> <> <> <> <> <> <> <> <> <> <> <> <> <> <> <> <> <>
<> <> <> <> <> <> <> <> <> <> <> <> <> <> <> <> <> <> <> <> <> <> <> <>
<> <> <> <> <> <> <> <> <> <> <> <> <> <> <> <> <> <> <> <> <> <> <> <>
<> <> <> <> <> <> <> <> <> <> <> <> <> <> <> <> <> <> <> <> <> <> <> <>
<> <> <> <> <> <> <> <> <> <> <> <>
##$OBS= 1
##$OFFS= (0..127)
0 0 0 0 0 0 0 0 0 0 0 0 0 0 0 0 0 0 0 0 0 0 0 0 0 0 0 0 0 0 0 0 0 0 0 0
0 0 0 0 0 0 0 0 0 0 0 0 0 0 0 0 0 0 0 0 0 0 0 0 0 0 0 0 0 0 0 0 0 0 0 0
0 0 0 0 0 0 0 0 0 0 0 0 0 0 0 0 0 0 0 0 0 0 0 0 0 0 0 0 0 0 0 0 0 0 0 0
0 0 0 0 0 0 0 0 0 0 0 0 0 0 0 0 0 0 0 0
##$OFFSF= (0..7)
0 0 0 0 0 0 0 0
##$OFFSH= (0..7)
0 0 0 0 0 0 0 0
##$OFFSX= (0..7)
0 0 0 0 0 0 0 0
##$OFFSXAS= (0..7)
0 0 0 0 0 0 0 0
##$OFSF1= 0
##$OFSF2= 0
##$OFSH1= 0
##$OFSH2= 0
##$OFSH3= 0
##$OFSX1= 0
##$OFSX2= 0
##$OFSY= 0
##$PACOIL= (0..15)
0 0 0 0 0 0 0 0 0 0 0 0 0 0 0 0
##$PRECHAN= (0..15)
-1 5 0 1 4 2 -1 -1 -1 -1 -1 -1 -1 -1 -1 -1
##$RECPRE= (0..15)
-1 5 0 -1 -1 -1 -1 -1 -1 -1 -1 -1 -1 -1 -1 -1
##$RECPRFX= (0..15)
1 0 0 0 0 1 0 0 0 0 0 0 0 0 0 0
##$RECSEL= (0..15)
0 1 2 2 2 0 0 0 0 0 0 0 0 0 0 0
##$SELREC= (0..9)
0 0 0 0 0 0 0 0 0 0
##$SFO1= 151.015473
##$SFO2= 600.511402
##$SFO3= 92.181788
##$SFO4= 150.998108
##$SFO5= 600.524092
##$SFO6= 600.524092
##$SFO7= 600.524092
##$SFO8= 600.524092
##$TY= (0..123)
0 0 0 0 0 0 0 0 0 0 0 0 0 0 0 0 0 0 0 0 0 0 0 0 0 0 0 0 0 0 0 0 0 0 0 0
0 0 0 0 0 0 0 0 0 0 0 0 0 0 0 0 0 0 0 0 0 0 0 0 0 0 0 0 0 0 0 0 0 0 0 0
0 0 0 0 0 0 0 0 0 0 0 0 0 0 0 0 0 0 0 0 0 0 0 0 0 0 0 0 0 0 0 0 0 0 0 0
0 0 0 0 0 0 0 0 0 0 0 0 0 0 0 0
##END=
